GIT
  remote: git://github.com/sinatra/sinatra.git
  revision: e68c8cb50eee0fb3dd91ef503f86ca48342c56b0
  specs:
    sinatra (1.4.3)
      rack (~> 1.4)
      rack-protection (~> 1.4)
      tilt (~> 1.3, >= 1.3.4)

GEM
  remote: https://rubygems.org/
  specs:
    mini_portile (0.5.0)
    nokogiri (1.6.0)
      mini_portile (~> 0.5.0)
    rack (1.5.2)
    rack-protection (1.5.0)
      rack
    tilt (1.4.1)

PLATFORMS
  ruby

DEPENDENCIES
  nokogiri
  sinatra!
